GIT
  remote: git://github.com/intridea/omniauth.git
  revision: da328e96bd59d36aaa9c62baf782ce9259a57f4d
  specs:
    omniauth (1.0.0.beta1)
      hashie (~> 1.2)
      rack

GIT
  remote: git://github.com/jonasschneider/fichteid-client.git
  revision: 7c6f48e47442033e5496602ced49c4ab5ee522fc
  specs:
    fichteid-client (0.0.1)
      ruby-openid (~> 2.1.8)

GEM
  remote: http://rubygems.org/
  specs:
    activemodel (3.1.1)
      activesupport (= 3.1.1)
      builder (~> 3.0.0)
      i18n (~> 0.6)
    activesupport (3.1.1)
      multi_json (~> 1.0)
    bson (1.4.1)
    bson_ext (1.4.1)
    builder (3.0.0)
    haml (3.1.2)
    hashie (1.2.0)
    i18n (0.6.0)
    mongo (1.4.1)
      bson (= 1.4.1)
    mongoid (2.3.2)
      activemodel (~> 3.1)
      mongo (~> 1.4)
      tzinfo (~> 0.3.22)
    multi_json (1.0.3)
    rack (1.3.5)
    rack-protection (1.1.4)
      rack
    redcarpet (1.17.2)
    ruby-openid (2.1.8)
    sinatra (1.3.1)
      rack (~> 1.3, >= 1.3.4)
      rack-protection (~> 1.1, >= 1.1.2)
      tilt (~> 1.3, >= 1.3.3)
    tilt (1.3.3)
    tzinfo (0.3.30)
    warden (1.0.6)
      rack (>= 1.0)

PLATFORMS
  ruby

DEPENDENCIES
  bson_ext
  fichteid-client!
  haml
  mongoid (~> 2.2)
  omniauth!
  redcarpet
  sinatra
  warden
