GIT
  remote: git://github.com/intridea/omniauth.git
  revision: 885bb1639e0ec0b1b268338891b11b17929ffaef
  specs:
    omniauth (1.0.0)
      hashie (~> 1.2)
      rack

GIT
  remote: git://github.com/jonasschneider/fichteid-client.git
  revision: 528546a3589979a2c8821e5f36eb9878bca03f6c
  specs:
    fichteid-client (0.0.1)
      ruby-openid (~> 2.1.8)

GEM
  remote: http://rubygems.org/
  specs:
    activemodel (3.1.1)
      activesupport (= 3.1.1)
      builder (~> 3.0.0)
      i18n (~> 0.6)
    activesupport (3.1.1)
      multi_json (~> 1.0)
    bson (1.4.0)
    bson_ext (1.4.0)
    builder (3.0.0)
    crack (0.1.8)
    diff-lcs (1.1.3)
    haml (3.1.3)
    hashie (1.2.0)
    i18n (0.6.0)
    mongo (1.4.0)
      bson (= 1.4.0)
    mongoid (2.2.4)
      activemodel (~> 3.0)
      mongo (~> 1.3)
      tzinfo (~> 0.3.22)
    multi_json (1.0.3)
    nokogiri (1.5.0)
    pusher (0.8.4)
      crack (~> 0.1.0)
      multi_json (~> 1.0)
      ruby-hmac (~> 0.4.0)
      signature (~> 0.1.2)
    rack (1.3.5)
    rack-flash (0.1.2)
      rack
    rack-protection (1.1.4)
      rack
    rack-test (0.5.7)
      rack (>= 1.0)
    redcarpet (1.17.2)
    rspec (2.1.0)
      rspec-core (~> 2.1.0)
      rspec-expectations (~> 2.1.0)
      rspec-mocks (~> 2.1.0)
    rspec-core (2.1.0)
    rspec-expectations (2.1.0)
      diff-lcs (~> 1.1.2)
    rspec-mocks (2.1.0)
    ruby-hmac (0.4.0)
    ruby-openid (2.1.8)
    signature (0.1.2)
      ruby-hmac
    sinatra (1.3.1)
      rack (~> 1.3, >= 1.3.4)
      rack-protection (~> 1.1, >= 1.1.2)
      tilt (~> 1.3, >= 1.3.3)
    tilt (1.3.3)
    timecop (0.3.5)
    tzinfo (0.3.31)
    warden (1.1.0)
      rack (>= 1.0)
    webrat (0.7.3)
      nokogiri (>= 1.2.0)
      rack (>= 1.0)
      rack-test (>= 0.5.3)

PLATFORMS
  ruby

DEPENDENCIES
  bson_ext
  fichteid-client!
  haml
  mongoid (< 2.3)
  omniauth!
  pusher
  rack-flash
  rack-test (~> 0.5.0)
  redcarpet
  rspec (~> 2.1.0)
  sinatra
  timecop
  warden
  webrat (~> 0.7.0)
