GIT
  remote: git://github.com/intridea/omniauth.git
  revision: d93067d59cabf5e8c1b4a6280555d7a2fdbcaa02
  specs:
    omniauth (1.0.1)
      hashie (~> 1.2)
      rack

GIT
  remote: git://github.com/jonasschneider/fichteid-client.git
  revision: 528546a3589979a2c8821e5f36eb9878bca03f6c
  specs:
    fichteid-client (0.0.1)
      ruby-openid (~> 2.1.8)

GEM
  remote: http://rubygems.org/
  specs:
    activemodel (3.1.3)
      activesupport (= 3.1.3)
      builder (~> 3.0.0)
      i18n (~> 0.6)
    activesupport (3.1.3)
      multi_json (~> 1.0)
    airbrake (3.0.5)
      activesupport
      builder
    bert (1.1.2)
    bertrpc (1.3.0)
      bert (>= 1.1.0, < 2.0.0)
    bson (1.5.1)
    bson_ext (1.5.1)
    builder (3.0.0)
    canable (0.3.0)
    crack (0.1.8)
    diff-lcs (1.1.3)
    dropbox-sdk (1.3)
      json
    ernie (2.5.2)
      bert (>= 1.1.0)
      bertrpc (>= 1.0.0)
    haml (3.1.4)
    hashie (1.2.0)
    hike (1.2.1)
    i18n (0.6.0)
    json (1.6.3)
    mongo (1.5.1)
      bson (= 1.5.1)
    mongoid (2.2.4)
      activemodel (~> 3.0)
      mongo (~> 1.3)
      tzinfo (~> 0.3.22)
    multi_json (1.0.4)
    nokogiri (1.5.0)
    pusher (0.8.4)
      crack (~> 0.1.0)
      multi_json (~> 1.0)
      ruby-hmac (~> 0.4.0)
      signature (~> 0.1.2)
    rack (1.3.5)
    rack-flash (0.1.2)
      rack
    rack-protection (1.1.4)
      rack
    rack-test (0.6.1)
      rack (>= 1.0)
    racksh (0.9.10)
      rack (>= 1.0)
      rack-test (>= 0.5)
    rake (0.9.2.2)
    redcarpet (2.0.0b5)
    rspec (2.7.0)
      rspec-core (~> 2.7.0)
      rspec-expectations (~> 2.7.0)
      rspec-mocks (~> 2.7.0)
    rspec-core (2.7.1)
    rspec-expectations (2.7.0)
      diff-lcs (~> 1.1.2)
    rspec-mocks (2.7.0)
    ruby-hmac (0.4.0)
    ruby-openid (2.1.8)
    sass (3.1.7)
    signature (0.1.2)
      ruby-hmac
    sinatra (1.3.1)
      rack (~> 1.3, >= 1.3.4)
      rack-protection (~> 1.1, >= 1.1.2)
      tilt (~> 1.3, >= 1.3.3)
    sprockets (2.1.2)
      hike (~> 1.2)
      rack (~> 1.0)
      tilt (~> 1.1, != 1.3.0)
    tilt (1.3.3)
    timecop (0.3.5)
    tzinfo (0.3.31)
    warden (1.1.0)
      rack (>= 1.0)
    webrat (0.7.3)
      nokogiri (>= 1.2.0)
      rack (>= 1.0)
      rack-test (>= 0.5.3)

PLATFORMS
  ruby

DEPENDENCIES
  airbrake
  bson_ext
  canable
  dropbox-sdk
  ernie
  fichteid-client!
  haml
  mongoid (< 2.3)
  omniauth!
  pusher
  rack-flash
  rack-test
  racksh
  rake
  redcarpet (~> 2.0.0b5)
  rspec
  sass
  sinatra
  sprockets
  timecop
  warden
  webrat
